GEM
  remote: https://rubygems.org/
  specs:
    addressable (2.6.0)
      public_suffix (>= 2.0.2, < 4.0)
    ast (2.4.0)
    buftok (0.2.0)
    coderay (1.1.2)
    colorize (0.8.1)
    declarative (0.0.10)
    declarative-option (0.1.0)
    diff-lcs (1.3)
    domain_name (0.5.20180417)
      unf (>= 0.0.5, < 1.0.0)
    dotenv (2.7.2)
    equalizer (0.0.11)
    faraday (0.15.4)
      multipart-post (>= 1.2, < 3)
    google-api-client (0.28.7)
      addressable (~> 2.5, >= 2.5.1)
      googleauth (>= 0.5, < 0.10.0)
      httpclient (>= 2.8.1, < 3.0)
      mime-types (~> 3.0)
      representable (~> 3.0)
      retriable (>= 2.0, < 4.0)
      signet (~> 0.10)
    google_drive (3.0.2)
      google-api-client (>= 0.11.0, < 0.29.0)
      googleauth (>= 0.5.0, < 1.0.0)
      nokogiri (>= 1.5.3, < 2.0.0)
    googleauth (0.8.1)
      faraday (~> 0.12)
      jwt (>= 1.4, < 3.0)
      memoist (~> 0.16)
      multi_json (~> 1.11)
      os (>= 0.9, < 2.0)
      signet (~> 0.7)
    http (3.3.0)
      addressable (~> 2.3)
      http-cookie (~> 1.0)
      http-form_data (~> 2.0)
      http_parser.rb (~> 0.6.0)
    http-cookie (1.0.3)
      domain_name (~> 0.5)
    http-form_data (2.1.1)
    http_parser.rb (0.6.0)
    httpclient (2.8.3)
    jaro_winkler (1.5.2)
    jwt (2.1.0)
    memoist (0.16.0)
    memoizable (0.4.2)
      thread_safe (~> 0.3, >= 0.3.1)
    method_source (0.9.2)
    mime-types (3.2.2)
      mime-types-data (~> 3.2015)
    mime-types-data (3.2019.0331)
    mini_portile2 (2.6.1)
    multi_json (1.13.1)
    multipart-post (2.0.0)
    naught (1.1.0)
    nokogiri (1.12.5)
      mini_portile2 (~> 2.6.1)
      racc (~> 1.4)
    os (1.0.0)
    parallel (1.17.0)
    parser (2.6.2.1)
      ast (~> 2.4.0)
    powerpack (0.1.2)
    pry (0.12.2)
      coderay (~> 1.1.0)
      method_source (~> 0.9.0)
    public_suffix (3.0.3)
    racc (1.5.2)
    rainbow (3.0.0)
    representable (3.0.4)
      declarative (< 0.1.0)
      declarative-option (< 0.2.0)
      uber (< 0.2.0)
    retriable (3.1.2)
    rspec (3.8.0)
      rspec-core (~> 3.8.0)
      rspec-expectations (~> 3.8.0)
      rspec-mocks (~> 3.8.0)
    rspec-core (3.8.0)
      rspec-support (~> 3.8.0)
    rspec-expectations (3.8.2)
      diff-lcs (>= 1.2.0, < 2.0)
      rspec-support (~> 3.8.0)
    rspec-mocks (3.8.0)
      diff-lcs (>= 1.2.0, < 2.0)
      rspec-support (~> 3.8.0)
    rspec-support (3.8.0)
    rubocop (0.57.2)
      jaro_winkler (~> 1.5.1)
      parallel (~> 1.10)
      parser (>= 2.5)
      powerpack (~> 0.1)
      rainbow (>= 2.2.2, < 4.0)
      ruby-progressbar (~> 1.7)
      unicode-display_width (~> 1.0, >= 1.0.1)
    ruby-progressbar (1.10.0)
    signet (0.11.0)
      addressable (~> 2.3)
      faraday (~> 0.9)
      jwt (>= 1.5, < 3.0)
      multi_json (~> 1.10)
    simple_oauth (0.3.1)
    thread_safe (0.3.6)
    twitter (6.2.0)
      addressable (~> 2.3)
      buftok (~> 0.2.0)
      equalizer (~> 0.0.11)
      http (~> 3.0)
      http-form_data (~> 2.0)
      http_parser.rb (~> 0.6.0)
      memoizable (~> 0.4.0)
      multipart-post (~> 2.0)
      naught (~> 1.0)
      simple_oauth (~> 0.3.0)
    uber (0.1.0)
    unf (0.1.4)
      unf_ext
    unf_ext (0.0.7.5)
    unicode-display_width (1.5.0)

PLATFORMS
  ruby

DEPENDENCIES
  colorize
  dotenv
  google_drive
  nokogiri
  pry
  rspec
  rubocop (~> 0.57.2)
  twitter

RUBY VERSION
   ruby 2.5.1p57

BUNDLED WITH
   1.16.6
